GEM
  remote: http://rubygems.org/
  specs:
    builder (2.1.2)
    git (1.2.5)
    jeweler (1.5.2)
      bundler (~> 1.0.0)
      git (>= 1.2.5)
      rake
    mime-types (1.16)
    nokogiri (1.4.4)
    rake (0.8.7)
    rcov (0.9.9)
    rest-client (1.6.1)
      mime-types (>= 1.16)
    shoulda (2.11.3)

PLATFORMS
  ruby

DEPENDENCIES
  builder
  bundler (~> 1.0.0)
  jeweler (~> 1.5.2)
  nokogiri
  rcov
  rest-client
  shoulda
